GEM
  remote: https://rubygems.org/
  specs:
    actionmailer (4.1.8)
      actionpack (= 4.1.8)
      actionview (= 4.1.8)
      mail (~> 2.5, >= 2.5.4)
    actionpack (4.1.8)
      actionview (= 4.1.8)
      activesupport (= 4.1.8)
      rack (~> 1.5.2)
      rack-test (~> 0.6.2)
    actionview (4.1.8)
      activesupport (= 4.1.8)
      builder (~> 3.1)
      erubis (~> 2.7.0)
    activemodel (4.1.8)
      activesupport (= 4.1.8)
      builder (~> 3.1)
    activerecord (4.1.8)
      activemodel (= 4.1.8)
      activesupport (= 4.1.8)
      arel (~> 5.0.0)
    activesupport (4.1.8)
      i18n (~> 0.6, >= 0.6.9)
      json (~> 1.7, >= 1.7.7)
      minitest (~> 5.1)
      thread_safe (~> 0.1)
      tzinfo (~> 1.1)
    arel (5.0.1.20140414130214)
    builder (3.2.2)
    byebug (3.5.1)
      columnize (~> 0.8)
      debugger-linecache (~> 1.2)
      slop (~> 3.6)
    columnize (0.9.0)
    date_validator (0.7.1)
      activemodel
    debugger-linecache (1.2.0)
    dynamic_form (1.1.4)
    erubis (2.7.0)
    execjs (2.2.2)
    foreigner (1.7.1)
      activerecord (>= 3.0.0)
    haml (4.0.5)
      tilt
    haml-rails (0.6.0)
      actionpack (>= 4.0.1)
      activesupport (>= 4.0.1)
      haml (>= 3.1, < 5.0)
      html2haml (>= 1.0.1)
      railties (>= 4.0.1)
    hike (1.2.3)
    hpricot (0.8.6)
    html2haml (1.0.1)
      erubis (~> 2.7.0)
      haml (>= 4.0.0.rc.1)
      hpricot (~> 0.8.6)
      ruby_parser (~> 3.1.1)
    i18n (0.6.11)
    immigrant (0.2.0)
      activerecord (>= 3.0)
    jbuilder (2.2.5)
      activesupport (>= 3.0.0, < 5)
      multi_json (~> 1.2)
    jquery-rails (3.1.2)
      railties (>= 3.0, < 5.0)
      thor (>= 0.14, < 2.0)
    json (1.8.1)
    mail (2.6.3)
      mime-types (>= 1.16, < 3)
    mime-types (2.4.3)
    minitest (5.5.0)
    multi_json (1.10.1)
    mysql2 (0.3.17)
    puma (2.10.2)
      rack (>= 1.1, < 2.0)
    quiet_assets (1.0.3)
      railties (>= 3.1, < 5.0)
    rabl (0.11.5)
      activesupport (>= 2.3.14)
    rack (1.5.2)
    rack-test (0.6.2)
      rack (>= 1.0)
    rails (4.1.8)
      actionmailer (= 4.1.8)
      actionpack (= 4.1.8)
      actionview (= 4.1.8)
      activemodel (= 4.1.8)
      activerecord (= 4.1.8)
      activesupport (= 4.1.8)
      bundler (>= 1.3.0, < 2.0)
      railties (= 4.1.8)
      sprockets-rails (~> 2.0)
    railties (4.1.8)
      actionpack (= 4.1.8)
      activesupport (= 4.1.8)
      rake (>= 0.8.7)
      thor (>= 0.18.1, < 2.0)
    rake (10.4.2)
    rdoc (4.2.0)
      json (~> 1.4)
    ruby_parser (3.1.3)
      sexp_processor (~> 4.1)
    sass (3.4.9)
    sass-rails (5.0.0)
      railties (>= 4.0.0, < 5.0)
      sass (~> 3.1)
      sprockets (>= 2.8, < 4.0)
      sprockets-rails (>= 2.0, < 4.0)
      tilt (~> 1.1)
    sdoc (0.4.1)
      json (~> 1.7, >= 1.7.7)
      rdoc (~> 4.0)
    sexp_processor (4.4.4)
    slop (3.6.0)
    spring (1.2.0)
    sprockets (2.12.3)
      hike (~> 1.2)
      multi_json (~> 1.0)
      rack (~> 1.0)
      tilt (~> 1.1, != 1.3.0)
    sprockets-rails (2.2.2)
      actionpack (>= 3.0)
      activesupport (>= 3.0)
      sprockets (>= 2.8, < 4.0)
    thor (0.19.1)
    thread_safe (0.3.4)
    tilt (1.4.1)
    tzinfo (1.2.2)
      thread_safe (~> 0.1)
    uglifier (2.6.0)
      execjs (>= 0.3.0)
      json (>= 1.8.0)
    validates_email_format_of (1.6.1)
      i18n

PLATFORMS
  ruby

DEPENDENCIES
  byebug
  date_validator
  dynamic_form
  foreigner
  haml-rails
  immigrant
  jbuilder (~> 2.0)
  jquery-rails
  mysql2
  puma
  quiet_assets
  rabl
  rails (= 4.1.8)
  sass-rails
  sdoc (~> 0.4.0)
  spring
  uglifier (>= 1.3.0)
  validates_email_format_of
